NUGET
  remote: https://www.nuget.org/api/v2
    FAKE (3.36)
    FSharp.Compiler.Service (1.3.1)
    FSharp.Formatting (2.9.10)
      FSharp.Compiler.Service (>= 0.0.87)
      FSharpVSPowerTools.Core (1.8)
    FSharp.Management (0.2.1)
    FSharpVSPowerTools.Core (1.8)
      FSharp.Compiler.Service (>= 0.0.87)
    FsUnit (1.3.0.1)
      NUnit (>= 2.6.3)
    IKVM (8.0.5449.1)
    NuGet.CommandLine (2.8.5)
    NUnit (2.6.3)
    NUnit.Runners (2.6.3)
HTTP
  remote: http://www.frijters.net
    ikvmbin-8.0.5449.1.zip (/ikvmbin-8.0.5449.1.zip)
  remote: http://www.maltparser.org
    maltparser-1.9.0.zip (/dist/maltparser-1.9.0.zip)
    swemalt-1.7.2.mco (/mco/swedish_parser/swemalt-1.7.2.mco)